PATH
  remote: .
  specs:
    bitmask_attributes (1.0.0)
      activerecord (>= 3.2)

GEM
  remote: https://rubygems.org/
  specs:
    activemodel (4.2.11.1)
      activesupport (= 4.2.11.1)
      builder (~> 3.1)
    activerecord (4.2.11.1)
      activemodel (= 4.2.11.1)
      activesupport (= 4.2.11.1)
      arel (~> 6.0)
    activesupport (4.2.11.1)
      i18n (~> 0.7)
      minitest (~> 5.1)
      thread_safe (~> 0.3, >= 0.3.4)
      tzinfo (~> 1.1)
    appraisal (2.2.0)
      bundler
      rake
      thor (>= 0.14.0)
    arel (6.0.4)
    builder (3.2.3)
    byebug (8.2.5)
    concurrent-ruby (1.1.5)
    i18n (0.9.5)
      concurrent-ruby (~> 1.0)
    minitest (5.11.3)
    power_assert (1.1.4)
    rake (10.5.0)
    rdoc (5.1.0)
    sdoc (1.0.0)
      rdoc (>= 5.0)
    shoulda (3.6.0)
      shoulda-context (~> 1.0, >= 1.0.1)
      shoulda-matchers (~> 3.0)
    shoulda-context (1.2.2)
    shoulda-matchers (3.1.3)
      activesupport (>= 4.0.0)
    sqlite3 (1.3.13)
    test-unit (3.3.2)
      power_assert
    thor (0.20.3)
    thread_safe (0.3.6)
    tzinfo (1.2.5)
      thread_safe (~> 0.1)

PLATFORMS
  ruby

DEPENDENCIES
  appraisal
  bitmask_attributes!
  byebug (~> 8.0)
  rake (~> 10.2)
  rdoc (~> 5.1)
  sdoc
  shoulda (~> 3.5)
  sqlite3 (~> 1.3.6)
  test-unit

BUNDLED WITH
   1.17.3
